GEM
  remote: http://rubygems.org/
  specs:
    activemodel (3.0.7)
      activesupport (= 3.0.7)
      builder (~> 2.1.2)
      i18n (~> 0.5.0)
    activesupport (3.0.7)
    bson (1.3.0)
    bson_ext (1.3.0)
    builder (2.1.2)
    database_cleaner (0.6.6)
    diff-lcs (1.1.2)
    git (1.2.5)
    i18n (0.5.0)
    jeweler (1.6.0)
      bundler (~> 1.0.0)
      git (>= 1.2.5)
      rake
    mongo (1.3.0)
      bson (>= 1.3.0)
    mongoid (2.0.1)
      activemodel (~> 3.0)
      mongo (~> 1.3)
      tzinfo (~> 0.3.22)
      will_paginate (~> 3.0.pre)
    rake (0.8.7)
    rcov (0.9.9)
    rr (1.0.2)
    rspec (2.3.0)
      rspec-core (~> 2.3.0)
      rspec-expectations (~> 2.3.0)
      rspec-mocks (~> 2.3.0)
    rspec-core (2.3.1)
    rspec-expectations (2.3.0)
      diff-lcs (~> 1.1.2)
    rspec-mocks (2.3.0)
    tzinfo (0.3.27)
    will_paginate (3.0.pre2)

PLATFORMS
  ruby

DEPENDENCIES
  bson_ext (~> 1.3)
  bundler (~> 1.0.0)
  database_cleaner
  jeweler (~> 1.6.0)
  mongoid (~> 2.0)
  rcov
  rr
  rspec (~> 2.3.0)
